GEM
  remote: https://rubygems.org/
  specs:
    dogapi (1.38.0)
      multi_json
    multi_json (1.14.1)

PLATFORMS
  ruby

DEPENDENCIES
  dogapi

BUNDLED WITH
   1.17.2
